GEM
  remote: http://rubygems.org/
  specs:
    ast (2.2.0)
    json (1.8.3)
    minitest (5.8.4)
    parser (2.3.1.0)
      ast (~> 2.2)
    powerpack (0.1.1)
    rainbow (2.1.0)
    rake (11.1.2)
    rdoc (4.2.2)
      json (~> 1.4)
    rubocop (0.40.0)
      parser (>= 2.3.1.0, < 3.0)
      powerpack (~> 0.1)
      rainbow (>= 1.99.1, < 3.0)
      ruby-progressbar (~> 1.7)
      unicode-display_width (~> 1.0, >= 1.0.1)
    ruby-progressbar (1.8.0)
    unicode-display_width (1.0.5)

PLATFORMS
  ruby

DEPENDENCIES
  minitest
  rake
  rdoc
  rubocop

BUNDLED WITH
   1.12.2
