GEM
  remote: http://rubygems.org/
  specs:
    json (1.8.1)
    minitest (4.7.5)
    rake (10.1.1)
    rdoc (3.12.2)
      json (~> 1.4)

PLATFORMS
  ruby

DEPENDENCIES
  minitest
  rake
  rdoc

BUNDLED WITH
   1.10.5
